GEM
  remote: http://rubygems.org/
  specs:
    addressable (2.2.8)
    engineyard (2.0.7)
      engineyard-cloud-client (~> 1.0.6)
      engineyard-serverside-adapter (= 2.0.4)
      escape (~> 0.0.4)
      highline (~> 1.6.1)
      json_pure
      launchy (= 2.1.0)
      net-ssh (~> 2.2.1)
      rest-client (~> 1.6.0)
      thor (~> 0.16.0)
    engineyard-cloud-client (1.0.6)
      multi_json (~> 1.3.0)
      rest-client (~> 1.6.0)
    engineyard-serverside-adapter (2.0.4)
      escape (~> 0.0.4)
      json_pure
    escape (0.0.4)
    highline (1.6.15)
    json_pure (1.7.5)
    launchy (2.1.0)
      addressable (~> 2.2.6)
    mime-types (1.19)
    multi_json (1.3.6)
    net-ssh (2.2.2)
    rest-client (1.6.7)
      mime-types (>= 1.16)
    thor (0.16.0)

PLATFORMS
  ruby

DEPENDENCIES
  engineyard
